GEM
  remote: https://rubygems.org/
  specs:
    google-translate (1.1.2)
      json_pure (~> 1.8)
      resource_accessor (~> 1.2)
      thor (~> 0.19)
    json_pure (1.8.2)
    mini_portile (0.6.2)
    nokogiri (1.6.6.2)
      mini_portile (~> 0.6.0)
    rack (1.6.4)
    resource_accessor (1.2.4)
    thor (0.19.1)

PLATFORMS
  ruby

DEPENDENCIES
  google-translate
  nokogiri
  rack

BUNDLED WITH
   1.10.3
